GEM
  remote: https://rubygems.org/
  specs:
    colorize (0.6.0)
    diff-lcs (1.2.5)
    highline (1.6.20)
    net-ssh (2.7.0)
    rspec (2.14.1)
      rspec-core (~> 2.14.0)
      rspec-expectations (~> 2.14.0)
      rspec-mocks (~> 2.14.0)
    rspec-core (2.14.7)
    rspec-expectations (2.14.4)
      diff-lcs (>= 1.1.3, < 2.0)
    rspec-mocks (2.14.4)
    serverspec (0.11.4)
      highline
      net-ssh
      rspec (>= 2.13.0)
    thor (0.18.1)

PLATFORMS
  ruby

DEPENDENCIES
  colorize
  serverspec
  thor
